GEM
  remote: https://rubygems.org/
  specs:
    backport (1.1.2)
    bindata (2.4.10)
    bson (4.9.2)
    debase (0.2.4.1)
      debase-ruby_core_source (>= 0.10.2)
    debase-ruby_core_source (0.10.9)
    digest-crc (0.5.1)
    mongo (2.12.1)
      bson (>= 4.8.2, < 5.0.0)
    rake (13.0.1)
    readapt (1.0.0)
      backport (~> 1.1)
      thor (~> 1.0)
    ruby-debug-ide (0.7.2)
      rake (>= 0.8.1)
    thor (1.0.1)

PLATFORMS
  ruby

DEPENDENCIES
  bindata
  bson
  debase
  digest-crc
  mongo
  readapt
  ruby-debug-ide

BUNDLED WITH
   2.1.4
